GEM
  remote: http://rubygems.org/
  specs:
    bacon (1.2.0)
    json (1.8.2)
    rack (1.6.0)
    rack-protection (1.5.3)
      rack
    sequel (4.21.0)
    sinatra (1.4.6)
      rack (~> 1.4)
      rack-protection (~> 1.4)
      tilt (>= 1.3, < 3)
    sinatra-advanced-routes (0.5.3)
      sinatra (~> 1.0)
    sinatra-reloader (0.5.0)
      sinatra (~> 1.0)
      sinatra-advanced-routes (~> 0.5.0)
    sinatra-sequel (0.9.0)
      bacon
      sequel (>= 3.2.0)
      sinatra (>= 0.9.4)
    sqlite3 (1.3.10)
    tilt (2.0.1)

PLATFORMS
  ruby

DEPENDENCIES
  json
  sequel
  sinatra
  sinatra-reloader
  sinatra-sequel
  sqlite3
